GEM
  remote: http://rubygems.org/
  specs:
    actionmailer (3.1.0)
      actionpack (= 3.1.0)
      mail (~> 2.3.0)
    actionpack (3.1.0)
      activemodel (= 3.1.0)
      activesupport (= 3.1.0)
      builder (~> 3.0.0)
      erubis (~> 2.7.0)
      i18n (~> 0.6)
      rack (~> 1.3.2)
      rack-cache (~> 1.0.3)
      rack-mount (~> 0.8.2)
      rack-test (~> 0.6.1)
      sprockets (~> 2.0.0)
    activemodel (3.1.0)
      activesupport (= 3.1.0)
      bcrypt-ruby (~> 3.0.0)
      builder (~> 3.0.0)
      i18n (~> 0.6)
    activerecord (3.1.0)
      activemodel (= 3.1.0)
      activesupport (= 3.1.0)
      arel (~> 2.2.1)
      tzinfo (~> 0.3.29)
    activeresource (3.1.0)
      activemodel (= 3.1.0)
      activesupport (= 3.1.0)
    activesupport (3.1.0)
      multi_json (~> 1.0)
    arel (2.2.1)
    awesome_print (0.4.0)
    bcrypt-ruby (3.0.1)
    bson (1.3.1)
    bson_ext (1.3.1)
    builder (3.0.0)
    capybara (1.1.0)
      mime-types (>= 1.16)
      nokogiri (>= 1.3.3)
      rack (>= 1.0.0)
      rack-test (>= 0.5.4)
      selenium-webdriver (~> 2.0)
      xpath (~> 0.1.4)
    childprocess (0.2.2)
      ffi (~> 1.0.6)
    chunky_png (1.2.5)
    coderay (0.9.8)
    coffee-rails (3.1.0)
      coffee-script (>= 2.2.0)
      railties (~> 3.1.0.rc1)
    coffee-script (2.2.0)
      coffee-script-source
      execjs
    coffee-script-source (1.1.2)
    compass (0.12.alpha.0)
      chunky_png (~> 1.2)
      fssm (>= 0.2.7)
      sass (~> 3.1)
    compass-960-plugin (0.10.4)
      compass (>= 0.10.0)
    database_cleaner (0.6.7)
    diff-lcs (1.1.3)
    erubis (2.7.0)
    execjs (1.2.4)
      multi_json (~> 1.0)
    factory_girl (2.1.0)
    factory_girl_rails (1.2.0)
      factory_girl (~> 2.1.0)
      railties (>= 3.0.0)
    faraday (0.8.4)
      multipart-post (~> 1.1)
    ffi (1.0.9)
    fssm (0.2.7)
    guard (0.6.3)
      thor (~> 0.14.6)
    guard-rspec (0.4.4)
      guard (>= 0.4.0)
    haml (3.1.2)
    hashie (1.2.0)
    hike (1.2.1)
    httpauth (0.1)
    i18n (0.6.0)
    jquery-rails (1.0.13)
      railties (~> 3.0)
      thor (~> 0.14)
    json_pure (1.5.4)
      spruz (~> 0.2.8)
    jwt (0.1.5)
      multi_json (>= 1.0)
    launchy (2.0.3)
    mail (2.3.0)
      i18n (>= 0.4.0)
      mime-types (~> 1.16)
      treetop (~> 1.4.8)
    method_source (0.6.5)
      ruby_parser (>= 2.0.5)
    mime-types (1.16)
    mongo (1.3.1)
      bson (>= 1.3.1)
    mongoid (2.2.0)
      activemodel (~> 3.0)
      mongo (~> 1.3)
      tzinfo (~> 0.3.22)
    mongoid_fulltext (0.4.4)
      unicode_utils (~> 1.0.0)
    multi_json (1.0.3)
    multipart-post (1.1.5)
    nokogiri (1.4.7)
    oauth2 (0.8.0)
      faraday (~> 0.8)
      httpauth (~> 0.1)
      jwt (~> 0.1.4)
      multi_json (~> 1.0)
      rack (~> 1.2)
    omniauth (1.1.1)
      hashie (~> 1.2)
      rack
    omniauth-github (1.0.3)
      omniauth (~> 1.0)
      omniauth-oauth2 (~> 1.1)
    omniauth-oauth2 (1.1.0)
      oauth2 (~> 0.8.0)
      omniauth (~> 1.0)
    polyglot (0.3.2)
    pry (0.9.5)
      coderay (>= 0.9.8)
      method_source (>= 0.6.5)
      ruby_parser (>= 2.0.5)
      slop (~> 2.1.0)
    rack (1.3.3)
    rack-cache (1.0.3)
      rack (>= 0.4)
    rack-mount (0.8.3)
      rack (>= 1.0.0)
    rack-ssl (1.3.2)
      rack
    rack-test (0.6.1)
      rack (>= 1.0)
    rails (3.1.0)
      actionmailer (= 3.1.0)
      actionpack (= 3.1.0)
      activerecord (= 3.1.0)
      activeresource (= 3.1.0)
      activesupport (= 3.1.0)
      bundler (~> 1.0)
      railties (= 3.1.0)
    railties (3.1.0)
      actionpack (= 3.1.0)
      activesupport (= 3.1.0)
      rack-ssl (~> 1.3.2)
      rake (>= 0.8.7)
      rdoc (~> 3.4)
      thor (~> 0.14.6)
    rake (0.9.2)
    rdoc (3.9.4)
    rspec (2.6.0)
      rspec-core (~> 2.6.0)
      rspec-expectations (~> 2.6.0)
      rspec-mocks (~> 2.6.0)
    rspec-core (2.6.4)
    rspec-expectations (2.6.0)
      diff-lcs (~> 1.1.2)
    rspec-mocks (2.6.0)
    rspec-rails (2.6.1)
      actionpack (~> 3.0)
      activesupport (~> 3.0)
      railties (~> 3.0)
      rspec (~> 2.6.0)
    ruby_parser (2.3.0)
      sexp_processor (~> 3.0)
    rubyzip (0.9.4)
    sass (3.1.7)
    sass-rails (3.1.0)
      actionpack (~> 3.1.0)
      railties (~> 3.1.0)
      sass (>= 3.1.4)
    selenium-webdriver (2.5.0)
      childprocess (>= 0.2.1)
      ffi (>= 1.0.7)
      json_pure
      rubyzip
    sexp_processor (3.0.6)
    slop (2.1.0)
    sprockets (2.0.0)
      hike (~> 1.2)
      rack (~> 1.0)
      tilt (~> 1.1, != 1.3.0)
    spruz (0.2.13)
    thor (0.14.6)
    tilt (1.3.3)
    timecop (0.3.5)
    treetop (1.4.10)
      polyglot
      polyglot (>= 0.3.1)
    tzinfo (0.3.29)
    uglifier (1.0.2)
      execjs (>= 0.3.0)
      multi_json (>= 1.0.2)
    unicode_utils (1.0.0)
    xpath (0.1.4)
      nokogiri (~> 1.3)

PLATFORMS
  ruby

DEPENDENCIES
  awesome_print
  bson_ext
  capybara
  coffee-rails (= 3.1.0)
  compass (= 0.12.alpha.0)
  compass-960-plugin
  database_cleaner
  factory_girl_rails
  guard-rspec
  haml
  jquery-rails
  launchy
  mongoid
  mongoid_fulltext
  omniauth (~> 1.0)
  omniauth-github
  pry
  rails (= 3.1.0)
  rspec-rails
  sass-rails (= 3.1.0)
  timecop
  uglifier
